PATH
  remote: .
  specs:
    geminabox (0.2.15)
      builder
      fog
      sinatra

GEM
  remote: http://rubygems.org/
  specs:
    builder (3.0.0)
    excon (0.6.3)
    fog (0.8.2)
      builder
      excon (~> 0.6.1)
      formatador (>= 0.1.3)
      json
      mime-types
      net-ssh (>= 2.1.3)
      nokogiri (>= 1.4.4)
      ruby-hmac
    formatador (0.1.4)
    json (1.5.2)
    mime-types (1.16)
    net-ssh (2.1.4)
    nokogiri (1.4.5)
    rack (1.3.0)
    ruby-hmac (0.4.0)
    sinatra (1.2.6)
      rack (~> 1.1)
      tilt (>= 1.2.2, < 2.0)
    tilt (1.3.2)

PLATFORMS
  ruby

DEPENDENCIES
  geminabox!
